GEM
  remote: http://rubygems.org/
  specs:
    rack (1.5.2)
    rack-protection (1.5.0)
      rack
    shotgun (0.9)
      rack (>= 1.0)
    sinatra (1.4.2)
      rack (>= 1.5.2, ~> 1.5)
      rack-protection (~> 1.4)
      tilt (>= 1.3.4, ~> 1.3)
    tilt (1.4.1)

PLATFORMS
  ruby

DEPENDENCIES
  shotgun
  sinatra
